GIT
  remote: git://github.com/rails/jbuilder.git
  revision: 0557fd466476b66e73cbfc8c765c37167e9287fc
  specs:
    jbuilder (2.3.0)
      activesupport (>= 3.0.0, < 5)
      multi_json (~> 1.2)

GEM
  remote: https://rubygems.org/
  specs:
    activesupport (4.2.1)
      i18n (~> 0.7)
      json (~> 1.7, >= 1.7.7)
      minitest (~> 5.1)
      thread_safe (~> 0.3, >= 0.3.4)
      tzinfo (~> 1.1)
    coderay (1.1.0)
    grape-entity (0.4.5)
      activesupport
      multi_json (>= 1.3.2)
    i18n (0.7.0)
    json (1.8.3)
    method_source (0.8.2)
    mini_portile (0.6.2)
    minitest (5.7.0)
    multi_json (1.11.1)
    nokogiri (1.6.6.2)
      mini_portile (~> 0.6.0)
    oj (2.12.9)
    pry (0.10.1)
      coderay (~> 1.1.0)
      method_source (~> 0.8.1)
      slop (~> 3.4)
    rabl (0.11.6)
      activesupport (>= 2.3.14)
    representable (2.2.2)
      multi_json
      nokogiri
      uber (~> 0.0.7)
    roar (1.0.1)
      representable (>= 2.0.1, <= 3.0.0)
    slop (3.6.0)
    thread_safe (0.3.5)
    tzinfo (1.2.2)
      thread_safe (~> 0.1)
    uber (0.0.13)

PLATFORMS
  ruby

DEPENDENCIES
  grape-entity
  jbuilder!
  multi_json
  oj
  pry
  rabl
  roar
